GEM
  remote: https://rubygems.org/
  specs:
    addressable (2.2.8)
    crack (0.3.2)
    data_objects (0.10.12)
      addressable (~> 2.1)
    dm-core (1.2.0)
      addressable (~> 2.2.6)
    dm-do-adapter (1.2.0)
      data_objects (~> 0.10.6)
      dm-core (~> 1.2.0)
    dm-migrations (1.2.0)
      dm-core (~> 1.2.0)
    dm-mysql-adapter (1.2.0)
      dm-do-adapter (~> 1.2.0)
      do_mysql (~> 0.10.6)
    dm-sqlite-adapter (1.2.0)
      dm-do-adapter (~> 1.2.0)
      do_sqlite3 (~> 0.10.6)
    dm-validations (1.2.0)
      dm-core (~> 1.2.0)
    do_mysql (0.10.12)
      data_objects (= 0.10.12)
    do_sqlite3 (0.10.12)
      data_objects (= 0.10.12)
    haml (4.0.0)
      tilt
    httparty (0.10.2)
      multi_json (~> 1.0)
      multi_xml (>= 0.5.2)
    kgio (2.8.0)
    multi_json (1.6.1)
    multi_xml (0.5.3)
    rack (1.5.2)
    rack-protection (1.4.0)
      rack
    raindrops (0.10.0)
    rake (10.0.3)
    sass (3.2.6)
    sinatra (1.3.5)
      rack (~> 1.4)
      rack-protection (~> 1.3)
      tilt (~> 1.3, >= 1.3.3)
    swish (0.8.1)
      crack (>= 0.1.8)
      httparty (>= 0.6.1)
    tilt (1.3.4)
    unicorn (4.6.2)
      kgio (~> 2.6)
      rack
      raindrops (~> 0.7)

PLATFORMS
  ruby

DEPENDENCIES
  dm-core
  dm-migrations
  dm-mysql-adapter
  dm-sqlite-adapter
  dm-validations
  haml
  httparty
  rake
  sass
  sinatra
  swish
  unicorn
