GEM
  remote: http://rubygems.org/
  specs:
    addressable (2.2.4)
    crack (0.1.8)
    data_objects (0.10.3)
      addressable (~> 2.1)
    dm-core (1.0.2)
      addressable (~> 2.2)
      extlib (~> 0.9.15)
    dm-do-adapter (1.0.2)
      data_objects (~> 0.10.2)
      dm-core (~> 1.0.2)
    dm-migrations (1.0.2)
      dm-core (~> 1.0.2)
    dm-postgres-adapter (1.0.2)
      dm-do-adapter (~> 1.0.2)
      do_postgres (~> 0.10.2)
    dm-sqlite-adapter (1.0.2)
      dm-do-adapter (~> 1.0.2)
      do_sqlite3 (~> 0.10.2)
    do_postgres (0.10.3)
      data_objects (= 0.10.3)
    do_sqlite3 (0.10.3)
      data_objects (= 0.10.3)
    extlib (0.9.15)
    haml (3.0.25)
    httparty (0.7.4)
      crack (= 0.1.8)
    rack (1.2.2)
    rack-google-analytics (0.9.2)
    sinatra (1.2.0)
      rack (~> 1.1)
      tilt (< 2.0, >= 1.2.2)
    swish (0.8.0)
    tilt (1.2.2)

PLATFORMS
  ruby

DEPENDENCIES
  dm-core
  dm-migrations
  dm-postgres-adapter
  dm-sqlite-adapter
  haml
  httparty
  rack-google-analytics
  sinatra
  swish
