GEM
  remote: http://rubygems.org/
  specs:
    addressable (2.2.5)
    crack (0.1.8)
    daemons (1.1.2)
    data_objects (0.10.3)
      addressable (~> 2.1)
    dm-core (1.1.0)
      addressable (~> 2.2.4)
    dm-do-adapter (1.1.0)
      data_objects (~> 0.10.2)
      dm-core (~> 1.1.0)
    dm-migrations (1.1.0)
      dm-core (~> 1.1.0)
    dm-mysql-adapter (1.1.0)
      dm-do-adapter (~> 1.1.0)
      do_mysql (~> 0.10.2)
    dm-sqlite-adapter (1.1.0)
      dm-do-adapter (~> 1.1.0)
      do_sqlite3 (~> 0.10.2)
    dm-validations (1.1.0)
      dm-core (~> 1.1.0)
    do_mysql (0.10.3)
      data_objects (= 0.10.3)
    do_sqlite3 (0.10.3)
      data_objects (= 0.10.3)
    eventmachine (0.12.10)
    haml (3.0.25)
    httparty (0.7.7)
      crack (= 0.1.8)
    rack (1.2.2)
    rack-google-analytics (0.9.2)
    sinatra (1.2.3)
      rack (~> 1.1)
      tilt (>= 1.2.2, < 2.0)
    swish (0.8.0)
    thin (1.2.11)
      daemons (>= 1.0.9)
      eventmachine (>= 0.12.6)
      rack (>= 1.0.0)
    tilt (1.2.2)

PLATFORMS
  ruby

DEPENDENCIES
  dm-core
  dm-migrations
  dm-mysql-adapter
  dm-sqlite-adapter
  dm-validations
  haml
  httparty
  rack-google-analytics
  sinatra
  swish
  thin
